GEM
  remote: https://rubygems.org/
  specs:
    dotenv (2.7.6)
    mina (1.2.3)
      open4 (~> 1.3.4)
      rake
    open4 (1.3.4)
    rake (13.0.3)

PLATFORMS
  ruby

DEPENDENCIES
  dotenv
  mina

RUBY VERSION
   ruby 2.7.2p137

BUNDLED WITH
   2.1.4
